GIT
  remote: https://github.com/101companies/aced_rails
  revision: 39392ec481162fe65f6e30550a43da1fd4f21731
  specs:
    aced_rails (0.3.1)
      rails (>= 3.2)

GIT
  remote: https://github.com/101companies/wikicloth
  revision: ce1e06b882fb755bedab918f23b4e61de2b01677
  specs:
    wikicloth (0.8.0)
      activesupport
      builder
      expression_parser
      nokogiri
      pygments.rb
      rinku

GIT
  remote: https://github.com/kschiess/parslet.git
  revision: 46bc703db3dd4ed21a75af1fc90bf685fe293759
  specs:
    parslet (1.8.0)

GIT
  remote: https://github.com/ruby-rdf/rdf
  revision: aeb042e5984412f524dc9153f1a665400f36a912
  specs:
    rdf (2.1.0)
      hamster (~> 3.0)
      link_header (~> 0.0, >= 0.0.8)

GEM
  remote: https://rubygems.org/
  specs:
    actioncable (5.0.2)
      actionpack (= 5.0.2)
      nio4r (>= 1.2, < 3.0)
      websocket-driver (~> 0.6.1)
    actionmailer (5.0.2)
      actionpack (= 5.0.2)
      actionview (= 5.0.2)
      activejob (= 5.0.2)
      mail (~> 2.5, >= 2.5.4)
      rails-dom-testing (~> 2.0)
    actionpack (5.0.2)
      actionview (= 5.0.2)
      activesupport (= 5.0.2)
      rack (~> 2.0)
      rack-test (~> 0.6.3)
      rails-dom-testing (~> 2.0)
      rails-html-sanitizer (~> 1.0, >= 1.0.2)
    actionview (5.0.2)
      activesupport (= 5.0.2)
      builder (~> 3.1)
      erubis (~> 2.7.0)
      rails-dom-testing (~> 2.0)
      rails-html-sanitizer (~> 1.0, >= 1.0.3)
    activejob (5.0.2)
      activesupport (= 5.0.2)
      globalid (>= 0.3.6)
    activemodel (5.0.2)
      activesupport (= 5.0.2)
    activerecord (5.0.2)
      activemodel (= 5.0.2)
      activesupport (= 5.0.2)
      arel (~> 7.0)
    activesupport (5.0.2)
      concurrent-ruby (~> 1.0, >= 1.0.2)
      i18n (~> 0.7)
      minitest (~> 5.1)
      tzinfo (~> 1.1)
    addressable (2.4.0)
    ahoy_matey (2.1.0)
      addressable
      browser (~> 2.0)
      device_detector
      geocoder (>= 1.4.5)
      railties (>= 4.2)
      referer-parser (>= 0.3)
      request_store
      safely_block (>= 0.2.1)
      user_agent_parser
    arel (7.1.4)
    autoprefixer-rails (6.5.2)
      execjs
    awesome_print (1.7.0)
    babel-source (5.8.35)
    babel-transpiler (0.7.0)
      babel-source (>= 4.0, < 6)
      execjs (~> 2.0)
    bcp47 (0.3.3)
      i18n
    better_errors (1.1.0)
      coderay (>= 1.0.0)
      erubis (>= 2.6.6)
    binding_of_caller (0.7.2)
      debug_inspector (>= 0.0.1)
    blankslate (3.1.3)
    bootstrap-sass (3.3.7)
      autoprefixer-rails (>= 5.2.1)
      sass (>= 3.3.4)
    browser (2.5.3)
    builder (3.2.4)
    cancancan (1.15.0)
    chartkick (3.4.0)
    choice (0.2.0)
    coderay (1.1.1)
    coffee-script-source (1.10.0)
    colorize (0.7.3)
    concurrent-ruby (1.0.5)
    connection_pool (2.2.0)
    crack (0.4.3)
      safe_yaml (~> 1.0.0)
    crass (1.0.6)
    database_cleaner (1.5.3)
    debug_inspector (0.0.3)
    deterministic (0.6.0)
    device_detector (1.0.1)
    diff-lcs (1.2.5)
    differ (0.1.2)
    docile (1.1.5)
    ebnf (1.0.2)
      rdf (~> 2.0)
      sxp (~> 1.0)
    elasticsearch (5.0.4)
      elasticsearch-api (= 5.0.4)
      elasticsearch-transport (= 5.0.4)
    elasticsearch-api (5.0.4)
      multi_json
    elasticsearch-transport (5.0.4)
      faraday
      multi_json
    equivalent-xml (0.6.0)
      nokogiri (>= 1.4.3)
    errbase (0.1.0)
    erubis (2.7.0)
    ethon (0.10.1)
      ffi (>= 1.3.0)
    exception_notification (4.0.1)
      actionmailer (>= 3.0.4)
      activesupport (>= 3.0.4)
    execjs (2.7.0)
    expression_parser (0.9.0)
    factory_girl (4.7.0)
      activesupport (>= 3.0.0)
    factory_girl_rails (4.7.0)
      factory_girl (~> 4.7.0)
      railties (>= 3.0.0)
    faraday (0.9.2)
      multipart-post (>= 1.2, < 3)
    ffi (1.9.25)
    flamegraph (0.9.5)
    font-awesome-rails (4.7.0.0)
      railties (>= 3.2, < 5.1)
    geocoder (1.5.0)
    globalid (0.3.7)
      activesupport (>= 4.1.0)
    groupdate (3.1.1)
      activesupport (>= 3)
    haml (4.0.7)
      tilt
    hamster (3.0.0)
      concurrent-ruby (~> 1.0)
    hashdiff (0.3.1)
    hashie (4.1.0)
    hightop (0.1.4)
      activerecord
    html2text (0.2.0)
      nokogiri (~> 1.6)
    htmlentities (4.3.4)
    i18n (0.9.5)
      concurrent-ruby (~> 1.0)
    ionicons-rails (2.0.0)
    jbuilder (2.6.0)
      activesupport (>= 3.0.0, < 5.1)
      multi_json (~> 1.2)
    jquery-rails (4.2.1)
      rails-dom-testing (>= 1, < 3)
      railties (>= 4.2.0)
      thor (>= 0.14, < 2.0)
    jquery-ui-rails (5.0.5)
      railties (>= 3.2.16)
    json (2.1.0)
    json-ld (2.1.2)
      multi_json (~> 1.12)
      rdf (~> 2.1)
    jwt (1.5.6)
    ld-patch (0.3.0)
      ebnf (~> 1.0, >= 1.0.1)
      rdf (~> 2.0)
      rdf-xsd (~> 2.0)
      sparql (~> 2.0)
      sxp (~> 1.0)
    link_header (0.0.8)
    linkeddata (2.0.0)
      equivalent-xml (~> 0.6)
      json-ld (~> 2.0)
      ld-patch (~> 0.3)
      nokogiri (~> 1.6)
      rdf (~> 2.0)
      rdf-aggregate-repo (~> 2.0)
      rdf-isomorphic (~> 2.0)
      rdf-json (~> 2.0)
      rdf-microdata (~> 2.0)
      rdf-n3 (~> 2.0)
      rdf-rdfa (~> 2.0)
      rdf-rdfxml (~> 2.0)
      rdf-reasoner (~> 0.4)
      rdf-tabular (~> 0.4)
      rdf-trig (~> 2.0)
      rdf-trix (~> 2.0)
      rdf-turtle (~> 2.0)
      rdf-vocab (~> 2.0)
      rdf-xsd (~> 2.0)
      sparql (~> 2.0)
      sparql-client (~> 2.0)
    loofah (2.4.0)
      crass (~> 1.0.2)
      nokogiri (>= 1.5.9)
    mail (2.6.4)
      mime-types (>= 1.16, < 4)
    memory_profiler (0.9.8)
    method_source (0.9.0)
    mime-types (3.1)
      mime-types-data (~> 3.2015)
    mime-types-data (3.2016.0521)
    mini_portile2 (2.4.0)
    minitest (5.14.0)
    momentjs-rails (2.15.1)
      railties (>= 3.1)
    multi_json (1.13.1)
    multi_xml (0.6.0)
    multipart-post (2.0.0)
    net-http-persistent (2.9.4)
    newrelic_rpm (4.5.0.337)
    nio4r (2.0.0)
    nokogiri (1.10.9)
      mini_portile2 (~> 2.4.0)
    oauth2 (1.2.0)
      faraday (>= 0.8, < 0.10)
      jwt (~> 1.0)
      multi_json (~> 1.3)
      multi_xml (~> 0.5)
      rack (>= 1.2, < 3)
    octokit (4.4.1)
      sawyer (~> 0.7.0, >= 0.5.3)
    oj (3.3.6)
    omniauth (1.9.1)
      hashie (>= 3.4.6)
      rack (>= 1.6.2, < 3)
    omniauth-github (1.1.2)
      omniauth (~> 1.0)
      omniauth-oauth2 (~> 1.1)
    omniauth-oauth2 (1.4.0)
      oauth2 (~> 1.0)
      omniauth (~> 1.2)
    pg (0.19.0)
    puma (3.12.6)
    pygments.rb (1.2.1)
      multi_json (>= 1.0.0)
    rack (2.2.2)
    rack-mini-profiler (0.10.1)
      rack (>= 1.2.0)
    rack-test (0.6.3)
      rack (>= 1.0)
    rails (5.0.2)
      actioncable (= 5.0.2)
      actionmailer (= 5.0.2)
      actionpack (= 5.0.2)
      actionview (= 5.0.2)
      activejob (= 5.0.2)
      activemodel (= 5.0.2)
      activerecord (= 5.0.2)
      activesupport (= 5.0.2)
      bundler (>= 1.3.0, < 2.0)
      railties (= 5.0.2)
      sprockets-rails (>= 2.0.0)
    rails-controller-testing (1.0.1)
      actionpack (~> 5.x)
      actionview (~> 5.x)
      activesupport (~> 5.x)
    rails-dom-testing (2.0.3)
      activesupport (>= 4.2.0)
      nokogiri (>= 1.6)
    rails-erd (1.5.0)
      activerecord (>= 3.2)
      activesupport (>= 3.2)
      choice (~> 0.2.0)
      ruby-graphviz (~> 1.2)
    rails-html-sanitizer (1.3.0)
      loofah (~> 2.3)
    railties (5.0.2)
      actionpack (= 5.0.2)
      activesupport (= 5.0.2)
      method_source
      rake (>= 0.8.7)
      thor (>= 0.18.1, < 2.0)
    rake (13.0.1)
    rdf-aggregate-repo (2.0.0)
      rdf (~> 2.0)
    rdf-isomorphic (2.0.0)
      rdf (~> 2.0)
    rdf-json (2.0.0)
      rdf (~> 2.0)
    rdf-microdata (2.0.3)
      htmlentities (~> 4.3)
      nokogiri (~> 1.6)
      rdf (~> 2.0)
      rdf-xsd (~> 2.0)
    rdf-n3 (2.0.0)
      rdf (~> 2.0)
    rdf-rdfa (2.0.1)
      haml (~> 4.0)
      htmlentities (~> 4.3)
      rdf (~> 2.0)
      rdf-aggregate-repo (~> 2.0)
      rdf-xsd (~> 2.0)
    rdf-rdfxml (2.0.0)
      htmlentities (~> 4.3)
      rdf (~> 2.0)
      rdf-rdfa (~> 2.0)
      rdf-xsd (~> 2.0)
    rdf-reasoner (0.4.0)
      rdf (~> 2.0)
      rdf-spec (~> 2.0)
      rdf-vocab (~> 2.0)
      rdf-xsd (~> 2.0)
    rdf-spec (2.0.0)
      rdf (~> 2.0)
      rdf-isomorphic (~> 2.0)
      rspec (~> 3.0)
      rspec-its (~> 1.0)
      webmock (~> 1.17)
    rdf-tabular (0.4.0)
      addressable (~> 2.3)
      bcp47 (~> 0.3, >= 0.3.3)
      json-ld (~> 2.0)
      rdf (~> 2.0)
      rdf-vocab (~> 2.0)
      rdf-xsd (~> 2.0)
    rdf-trig (2.0.0)
      ebnf (~> 1.0, >= 1.0.1)
      rdf (~> 2.0)
      rdf-turtle (~> 2.0)
    rdf-trix (2.0.0)
      rdf (~> 2.0)
    rdf-turtle (2.0.0)
      ebnf (~> 1.0, >= 1.0.1)
      rdf (~> 2.0)
    rdf-vocab (2.1.0)
      rdf (~> 2.1)
    rdf-xsd (2.0.0)
      rdf (~> 2.0)
    react-rails (1.9.0)
      babel-transpiler (>= 0.7.0)
      coffee-script-source (~> 1.8)
      connection_pool
      execjs
      railties (>= 3.2)
      tilt
    referer-parser (0.3.0)
    request_store (1.4.1)
      rack (>= 1.4)
    rinku (2.0.4)
    rspec (3.5.0)
      rspec-core (~> 3.5.0)
      rspec-expectations (~> 3.5.0)
      rspec-mocks (~> 3.5.0)
    rspec-core (3.5.4)
      rspec-support (~> 3.5.0)
    rspec-expectations (3.5.0)
      diff-lcs (>= 1.2.0, < 2.0)
      rspec-support (~> 3.5.0)
    rspec-its (1.2.0)
      rspec-core (>= 3.0.0)
      rspec-expectations (>= 3.0.0)
    rspec-mocks (3.5.0)
      diff-lcs (>= 1.2.0, < 2.0)
      rspec-support (~> 3.5.0)
    rspec-rails (3.5.2)
      actionpack (>= 3.0)
      activesupport (>= 3.0)
      railties (>= 3.0)
      rspec-core (~> 3.5.0)
      rspec-expectations (~> 3.5.0)
      rspec-mocks (~> 3.5.0)
      rspec-support (~> 3.5.0)
    rspec-support (3.5.0)
    ruby-graphviz (1.2.2)
    ruby-stemmer (0.9.6)
    rupy (0.4.2)
      blankslate (>= 2.1.2.3)
      ffi (>= 0.6.3)
    safe_yaml (1.0.4)
    safely_block (0.2.1)
      errbase
    sass (3.4.22)
    sassc (1.11.2)
      bundler
      ffi (~> 1.9.6)
      sass (>= 3.3.0)
    sassc-rails (1.3.0)
      railties (>= 4.0.0)
      sass
      sassc (~> 1.9)
      sprockets (> 2.11)
      sprockets-rails
      tilt
    sawyer (0.7.0)
      addressable (>= 2.3.5, < 2.5)
      faraday (~> 0.8, < 0.10)
    scenic (1.4.0)
      activerecord (>= 4.0.0)
      railties (>= 4.0.0)
    searchkick (2.3.2)
      activemodel (>= 4.1)
      elasticsearch (>= 1)
      hashie
    select2-rails (3.5.7)
      thor (~> 0.14)
    simple_form (5.0.0)
      actionpack (>= 5.0)
      activemodel (>= 5.0)
    simplecov (0.14.1)
      docile (~> 1.1.0)
      json (>= 1.8, < 3)
      simplecov-html (~> 0.10.0)
    simplecov-html (0.10.0)
    solid_use_case (2.1.1)
      deterministic (~> 0.6.0)
    sparql (2.0.0)
      builder (~> 3.2)
      ebnf (~> 1.0, >= 1.0.1)
      rdf (~> 2.0)
      rdf-aggregate-repo (~> 2.0)
      rdf-xsd (~> 2.0)
      sparql-client (~> 2.0)
      sxp (~> 1.0)
    sparql-client (2.1.0)
      net-http-persistent (~> 2.9)
      rdf (~> 2.0)
    sprockets (4.0.0)
      concurrent-ruby (~> 1.0)
      rack (> 1, < 3)
    sprockets-rails (3.2.0)
      actionpack (>= 4.0)
      activesupport (>= 4.0)
      sprockets (>= 3.0.0)
    stackprof (0.2.10)
    sxp (1.0.0)
      rdf (~> 2.0)
    thor (0.20.0)
    thread_safe (0.3.6)
    tilt (2.0.5)
    turbolinks (5.0.0)
      turbolinks-source (~> 5)
    turbolinks-source (5.0.0)
    typhoeus (1.3.0)
      ethon (>= 0.9.0)
    tzinfo (1.2.6)
      thread_safe (~> 0.1)
    uglifier (3.0.3)
      execjs (>= 0.3.0, < 3)
    user_agent_parser (2.6.0)
    validate_url (1.0.2)
      activemodel (>= 3.0.0)
      addressable
    webmock (1.24.6)
      addressable (>= 2.3.6)
      crack (>= 0.3.2)
      hashdiff
    websocket-driver (0.6.5)
      websocket-extensions (>= 0.1.0)
    websocket-extensions (0.1.2)
    wicked_pdf (1.1.0)
    wkhtmltopdf-binary (0.12.3.1)

PLATFORMS
  ruby

DEPENDENCIES
  aced_rails!
  activerecord (~> 5.0, >= 5.0.0.1)
  ahoy_matey
  awesome_print
  better_errors
  binding_of_caller
  bootstrap-sass
  cancancan (~> 1.9)
  chartkick
  colorize (= 0.7.3)
  concurrent-ruby
  database_cleaner
  differ (= 0.1.2)
  exception_notification (= 4.0.1)
  execjs
  factory_girl_rails
  flamegraph
  font-awesome-rails
  groupdate
  hightop
  html2text
  ionicons-rails
  jbuilder
  jquery-rails
  jquery-ui-rails
  linkeddata
  memory_profiler
  momentjs-rails
  newrelic_rpm
  octokit (~> 4.0)
  oj
  omniauth
  omniauth-github
  parslet!
  pg
  puma
  pygments.rb
  rack-mini-profiler
  rails (~> 5.0, >= 5.0.0.1)
  rails-controller-testing
  rails-erd
  rdf!
  rdf-json
  rdf-n3
  rdf-rdfxml
  rdf-turtle
  react-rails
  rspec-rails
  ruby-stemmer (>= 0.8.3)
  rupy
  sassc-rails
  scenic
  searchkick
  select2-rails (= 3.5.7)
  simple_form
  simplecov
  solid_use_case (~> 2.1.1)
  sparql
  stackprof
  turbolinks (~> 5.0.0)
  typhoeus
  uglifier
  validate_url
  wicked_pdf
  wikicloth!
  wkhtmltopdf-binary

RUBY VERSION
   ruby 2.5.1p57

BUNDLED WITH
   1.16.4
